PATH
  remote: .
  specs:
    taskwarrior-web (0.0.10)
      parseconfig
      sinatra
      vegas

GEM
  remote: http://rubygems.org/
  specs:
    parseconfig (0.5.2)
    rack (1.3.6)
    rack-protection (1.1.4)
      rack
    rake (0.9.2.2)
    sinatra (1.3.1)
      rack (~> 1.3, >= 1.3.4)
      rack-protection (~> 1.1, >= 1.1.2)
      tilt (~> 1.3, >= 1.3.3)
    tilt (1.3.3)
    vegas (0.1.8)
      rack (>= 1.0.0)

PLATFORMS
  ruby

DEPENDENCIES
  rake
  taskwarrior-web!
